PATH
  remote: .
  specs:
    gitcafe-maid (0.1)
      json
      rest-client
      sinatra

GEM
  remote: https://rubygems.org/
  specs:
    byebug (6.0.2)
    coderay (1.1.0)
    domain_name (0.5.24)
      unf (>= 0.0.5, < 1.0.0)
    http-cookie (1.0.2)
      domain_name (~> 0.5)
    json (1.8.3)
    method_source (0.8.2)
    mime-types (2.6.1)
    netrc (0.10.3)
    pry (0.10.1)
      coderay (~> 1.1.0)
      method_source (~> 0.8.1)
      slop (~> 3.4)
    rack (1.6.4)
    rack-protection (1.5.3)
      rack
    rake (10.4.2)
    rest-client (1.8.0)
      http-cookie (>= 1.0.2, < 2.0)
      mime-types (>= 1.16, < 3.0)
      netrc (~> 0.7)
    sinatra (1.4.6)
      rack (~> 1.4)
      rack-protection (~> 1.4)
      tilt (>= 1.3, < 3)
    slop (3.6.0)
    tilt (2.0.1)
    unf (0.1.4)
      unf_ext
    unf_ext (0.0.7.1)

PLATFORMS
  ruby

DEPENDENCIES
  bundler (~> 1.3)
  byebug
  gitcafe-maid!
  pry
  rake

BUNDLED WITH
   1.10.6
